GEM
  remote: http://rubygems.org/
  specs:
    activeresource (2.3.5)
      activesupport (= 2.3.5)
    activesupport (2.3.5)
    builder (3.0.0)
    ci_reporter (1.6.2)
      builder (>= 2.1.2)
    columnize (0.3.1)
    dbd-odbc (0.2.5)
      dbi (>= 0.4.0)
    dbi (0.4.5)
      deprecated (= 2.0.1)
    deprecated (2.0.1)
    google-spreadsheet-ruby (0.1.1)
      hpricot (>= 0.3)
      oauth (>= 0.3.6)
    hpricot (0.8.1)
    linecache (0.43)
    oauth (0.4.1)
    rake (0.8.7)
    rspec (1.3.0)
    ruby-debug (0.10.3)
      columnize (>= 0.1)
      ruby-debug-base (~> 0.10.3.0)
    ruby-debug-base (0.10.3)
      linecache (>= 0.3)
    toadhopper (2.0)

PLATFORMS
  ruby

DEPENDENCIES
  activeresource (= 2.3.5)
  activesupport (= 2.3.5)
  ci_reporter (= 1.6.2)
  dbd-odbc
  dbi (= 0.4.5)
  google-spreadsheet-ruby (= 0.1.1)
  rake
  rspec (= 1.3.0)
  ruby-debug
  toadhopper
